GEM
  remote: http://rubygems.org/
  specs:
    awesome_print (1.8.0)
    backports (3.10.3)
    builder (3.2.3)
    calabash-android (0.9.0)
      awesome_print (~> 1.2)
      cucumber
      escape (~> 0.0.4)
      httpclient (>= 2.7.1, < 3.0)
      json (~> 1.8)
      luffa
      rubyzip (~> 1.1)
      slowhandcuke (~> 0.0.3)
    coderay (1.1.2)
    cucumber (3.1.0)
      builder (>= 2.1.2)
      cucumber-core (~> 3.1.0)
      cucumber-expressions (~> 5.0.4)
      cucumber-wire (~> 0.0.1)
      diff-lcs (~> 1.3)
      gherkin (~> 5.0)
      multi_json (>= 1.7.5, < 2.0)
      multi_test (>= 0.1.2)
    cucumber-core (3.1.0)
      backports (>= 3.8.0)
      cucumber-tag_expressions (~> 1.1.0)
      gherkin (>= 5.0.0)
    cucumber-expressions (5.0.7)
    cucumber-tag_expressions (1.1.0)
    cucumber-wire (0.0.1)
    diff-lcs (1.3)
    escape (0.0.4)
    gherkin (5.0.0)
    httpclient (2.8.3)
    json (1.8.6)
    luffa (2.0.0)
      awesome_print (~> 1.2)
      json (~> 1.8)
      retriable (>= 1.3.3.1, < 2.1)
      thor (~> 0.19)
    method_source (0.8.2)
    multi_json (1.12.2)
    multi_test (0.1.2)
    pry (0.10.4)
      coderay (~> 1.1.0)
      method_source (~> 0.8.1)
      slop (~> 3.4)
    pry-nav (0.2.4)
      pry (>= 0.9.10, < 0.11.0)
    retriable (2.0.2)
    rspec (3.7.0)
      rspec-core (~> 3.7.0)
      rspec-expectations (~> 3.7.0)
      rspec-mocks (~> 3.7.0)
    rspec-core (3.7.0)
      rspec-support (~> 3.7.0)
    rspec-expectations (3.7.0)
      diff-lcs (>= 1.2.0, < 2.0)
      rspec-support (~> 3.7.0)
    rspec-mocks (3.7.0)
      diff-lcs (>= 1.2.0, < 2.0)
      rspec-support (~> 3.7.0)
    rspec-support (3.7.0)
    rubyzip (1.2.1)
    slop (3.6.0)
    slowhandcuke (0.0.3)
      cucumber
    thor (0.20.0)

PLATFORMS
  ruby
  x64-mingw32

DEPENDENCIES
  calabash-android
  pry
  pry-nav
  rspec

BUNDLED WITH
   1.16.0
